GEM
  remote: https://rubygems.org/
  specs:
    nio4r (2.5.8)
    puma (5.5.2)
      nio4r (~> 2.0)
    rack (2.2.3)
    rulers (0.0.1)
      rack

PLATFORMS
  x86_64-darwin-21

DEPENDENCIES
  puma
  rulers

BUNDLED WITH
   2.2.22
